GEM
  remote: https://rubygems.org/
  specs:
    coderay (1.1.2)
    method_source (0.9.2)
    mini_portile2 (2.4.0)
    nokogiri (1.10.9)
      mini_portile2 (~> 2.4.0)
    pry (0.12.2)
      coderay (~> 1.1.0)
      method_source (~> 0.9.0)
    rexml (3.2.5)

PLATFORMS
  ruby

DEPENDENCIES
  nokogiri
  pry
  rexml

BUNDLED WITH
   1.16.2
